PATH
  remote: .
  specs:
    net-ping (2.0.8)

GEM
  remote: https://rubygems.org/
  specs:
    byebug (11.0.1)
    coderay (1.1.2)
    fakeweb (1.3.0)
    method_source (0.9.2)
    power_assert (1.1.5)
    pry (0.12.2)
      coderay (~> 1.1.0)
      method_source (~> 0.9.0)
    pry-byebug (3.7.0)
      byebug (~> 11.0)
      pry (~> 0.10)
    rake (13.0.1)
    test-unit (3.3.5)
      power_assert

PLATFORMS
  ruby

DEPENDENCIES
  fakeweb
  net-ping!
  pry-byebug
  rake
  test-unit

BUNDLED WITH
   2.1.4
